GEM
  remote: https://rubygems.org/
  specs:
    em-http-server (0.1.8)
      eventmachine
    em-websocket (0.5.1)
      eventmachine (>= 0.12.9)
      http_parser.rb (~> 0.6.0)
    eventmachine (1.0.3)
    eventmachine-tail (0.6.4)
      eventmachine
    http_parser.rb (0.6.0)
    mimemagic (0.2.1)

PLATFORMS
  ruby

DEPENDENCIES
  em-http-server
  em-websocket
  eventmachine
  eventmachine-tail
  mimemagic
